PATH
  remote: .
  specs:
    bare_metal (0.0.1)
      net-scp
      net-ssh

GEM
  remote: https://rubygems.org/
  specs:
    net-scp (1.2.1)
      net-ssh (>= 2.6.5)
    net-ssh (2.9.1)
    rake (10.4.2)

PLATFORMS
  ruby

DEPENDENCIES
  bare_metal!
  rake
